GEM
  remote: https://rubygems.org/
  specs:
    kramdown (2.4.0)
      rexml
    kramdown-parser-gfm (1.1.0)
      kramdown (~> 2.0)
    minitest (5.18.0)
    rexml (3.2.5)

PLATFORMS
  aarch64-linux-android
  x86_64-linux

DEPENDENCIES
  kramdown
  kramdown-parser-gfm
  minitest

BUNDLED WITH
   2.4.1
